GEM
  remote: https://rubygems.org/
  specs:
    bson (1.12.0)
    bson_ext (1.12.0)
      bson (~> 1.12.0)
    daemons (1.1.9)
    eventmachine (1.0.7)
    hiredis (0.6.0)
    mongo (1.12.0)
      bson (= 1.12.0)
    rack (1.6.0)
    rack-protection (1.5.3)
      rack
    redis (3.2.1)
    sinatra (1.4.5)
      rack (~> 1.4)
      rack-protection (~> 1.4)
      tilt (~> 1.3, >= 1.3.4)
    thin (1.6.3)
      daemons (~> 1.0, >= 1.0.9)
      eventmachine (~> 1.0)
      rack (~> 1.0)
    tilt (1.4.1)
    yajl-ruby (1.2.1)

PLATFORMS
  ruby

DEPENDENCIES
  bson_ext
  hiredis
  mongo
  redis
  sinatra
  thin
  yajl-ruby
